PATH
  remote: .
  specs:
    admin-scaffold (0.1.0)
      railties (~> 4.1, ~> 4.0)

GEM
  remote: https://rubygems.org/
  specs:
    actionpack (4.1.1)
      actionview (= 4.1.1)
      activesupport (= 4.1.1)
      rack (~> 1.5.2)
      rack-test (~> 0.6.2)
    actionview (4.1.1)
      activesupport (= 4.1.1)
      builder (~> 3.1)
      erubis (~> 2.7.0)
    activesupport (4.1.1)
      i18n (~> 0.6, >= 0.6.9)
      json (~> 1.7, >= 1.7.7)
      minitest (~> 5.1)
      thread_safe (~> 0.1)
      tzinfo (~> 1.1)
    ammeter (1.0.0)
      activesupport (>= 3.0)
      railties (>= 3.0)
      rspec-rails (>= 2.2)
    builder (3.2.2)
    diff-lcs (1.2.5)
    erubis (2.7.0)
    i18n (0.6.9)
    json (1.8.1)
    minitest (5.3.4)
    rack (1.5.2)
    rack-test (0.6.2)
      rack (>= 1.0)
    railties (4.1.1)
      actionpack (= 4.1.1)
      activesupport (= 4.1.1)
      rake (>= 0.8.7)
      thor (>= 0.18.1, < 2.0)
    rake (10.3.2)
    rspec (3.0.0)
      rspec-core (~> 3.0.0)
      rspec-expectations (~> 3.0.0)
      rspec-mocks (~> 3.0.0)
    rspec-core (3.0.1)
      rspec-support (~> 3.0.0)
    rspec-expectations (3.0.1)
      diff-lcs (>= 1.2.0, < 2.0)
      rspec-support (~> 3.0.0)
    rspec-mocks (3.0.1)
      rspec-support (~> 3.0.0)
    rspec-rails (3.0.1)
      actionpack (>= 3.0)
      activesupport (>= 3.0)
      railties (>= 3.0)
      rspec-core (~> 3.0.0)
      rspec-expectations (~> 3.0.0)
      rspec-mocks (~> 3.0.0)
      rspec-support (~> 3.0.0)
    rspec-support (3.0.0)
    thor (0.19.1)
    thread_safe (0.3.4)
    tzinfo (1.2.1)
      thread_safe (~> 0.1)

PLATFORMS
  ruby

DEPENDENCIES
  admin-scaffold!
  ammeter (~> 1.0)
  bundler (~> 1.5)
  rake (~> 10.0)
  rspec (~> 3.0)
