PATH
  remote: .
  specs:
    admin-scaffold (0.1.0)

GEM
  remote: https://rubygems.org/
  specs:

PLATFORMS
  ruby

DEPENDENCIES
  admin-scaffold!
